PATH
  remote: .
  specs:
    factor-connector-heroku (0.0.8)
      factor-connector-api (~> 0.0.13)
      platform-api (~> 0.2.0)

GEM
  remote: https://rubygems.org/
  specs:
    celluloid (0.16.0)
      timers (~> 4.0.0)
    codeclimate-test-reporter (0.4.5)
      simplecov (>= 0.7.1, < 1.0.0)
    diff-lcs (1.2.5)
    docile (1.1.5)
    erubis (2.7.0)
    excon (0.43.0)
    factor-connector-api (0.0.14)
      celluloid (~> 0.16.0)
    heroics (0.0.12)
      erubis (~> 2.7.0)
      excon
      moneta
      multi_json (>= 1.9.2)
      netrc
    hitimes (1.2.2)
    moneta (0.8.0)
    multi_json (1.10.1)
    netrc (0.10.2)
    platform-api (0.2.0)
      heroics (~> 0.0.10)
    rake (10.4.2)
    rspec (3.1.0)
      rspec-core (~> 3.1.0)
      rspec-expectations (~> 3.1.0)
      rspec-mocks (~> 3.1.0)
    rspec-core (3.1.7)
      rspec-support (~> 3.1.0)
    rspec-expectations (3.1.2)
      diff-lcs (>= 1.2.0, < 2.0)
      rspec-support (~> 3.1.0)
    rspec-mocks (3.1.3)
      rspec-support (~> 3.1.0)
    rspec-support (3.1.2)
    simplecov (0.9.1)
      docile (~> 1.1.0)
      multi_json (~> 1.0)
      simplecov-html (~> 0.8.0)
    simplecov-html (0.8.0)
    timers (4.0.1)
      hitimes

PLATFORMS
  ruby

DEPENDENCIES
  codeclimate-test-reporter (~> 0.4.5)
  factor-connector-heroku!
  rake (~> 10.4.2)
  rspec (~> 3.1.0)
