PATH
  remote: .
  specs:
    factor-connector-heroku (0.0.2)
      factor-connector-api (~> 0.0.1)
      heroku-anvil-factor (= 0.15.0)
      heroku-api (= 0.3.15)
      json (= 1.8.1)
      oauth2 (= 0.9.3)
      rest-client (= 1.6.7)
      rubyzip (~> 1.1.6)

GEM
  remote: https://rubygems.org/
  specs:
    excon (0.25.3)
    factor-connector-api (0.0.1)
    faraday (0.9.0)
      multipart-post (>= 1.2, < 3)
    heroku-anvil-factor (0.15.0)
      progress (~> 2.4.0)
      rest-client (~> 1.6.7)
    heroku-api (0.3.15)
      excon (~> 0.25.1)
    json (1.8.1)
    jwt (0.1.13)
      multi_json (>= 1.5)
    mime-types (2.3)
    multi_json (1.10.1)
    multi_xml (0.5.5)
    multipart-post (2.0.0)
    oauth2 (0.9.3)
      faraday (>= 0.8, < 0.10)
      jwt (~> 0.1.8)
      multi_json (~> 1.3)
      multi_xml (~> 0.5)
      rack (~> 1.2)
    progress (2.4.0)
    rack (1.5.2)
    rest-client (1.6.7)
      mime-types (>= 1.16)
    rubyzip (1.1.6)

PLATFORMS
  ruby

DEPENDENCIES
  factor-connector-heroku!
