PATH
  remote: .
  specs:
    factor-connector-heroku (0.0.8)
      factor-connector-api (~> 0.0.13)
      platform-api (~> 0.2.0)

GEM
  remote: https://rubygems.org/
  specs:
    celluloid (0.16.0)
      timers (~> 4.0.0)
    erubis (2.7.0)
    excon (0.41.0)
    factor-connector-api (0.0.13)
      celluloid (~> 0.16.0)
    heroics (0.0.12)
      erubis (~> 2.7.0)
      excon
      moneta
      multi_json (>= 1.9.2)
      netrc
    hitimes (1.2.2)
    moneta (0.8.0)
    multi_json (1.10.1)
    netrc (0.8.0)
    platform-api (0.2.0)
      heroics (~> 0.0.10)
    timers (4.0.1)
      hitimes

PLATFORMS
  ruby

DEPENDENCIES
  factor-connector-heroku!
